PATH
  remote: .
  specs:
    protractor-rails (0.0.1)
      colorize

GEM
  remote: https://rubygems.org/
  specs:
    colorize (0.7.0)
    rake (10.1.1)

PLATFORMS
  ruby

DEPENDENCIES
  bundler (~> 1.5)
  protractor-rails!
  rake
